PATH
  remote: .
  specs:
    heroku-nav (0.1.24)
      json
      rest-client (>= 1.0)

GEM
  remote: http://rubygems.org/
  specs:
    bacon (1.2.0)
    baconmocha (0.0.2)
      bacon
      mocha (>= 0.9.6)
    json (1.7.6)
    metaclass (0.0.1)
    mime-types (1.20.1)
    mocha (0.13.2)
      metaclass (~> 0.0.1)
    rack (1.5.1)
    rack-protection (1.3.2)
      rack
    rack-test (0.6.2)
      rack (>= 1.0)
    rake (10.0.3)
    rest-client (1.6.7)
      mime-types (>= 1.16)
    sinatra (1.3.4)
      rack (~> 1.4)
      rack-protection (~> 1.3)
      tilt (~> 1.3, >= 1.3.3)
    tilt (1.3.3)

PLATFORMS
  ruby

DEPENDENCIES
  baconmocha
  heroku-nav!
  rack-test
  rake
  sinatra
